{
	"Modality": "MR",
	"MagneticFieldStrength": 3,
	"ImagingFrequency": 127.771292,
	"Manufacturer": "GE",
	"ManufacturersModelName": "DISCOVERY MR750w",
	"InstitutionName": "Newport Diagnostic Center 3T",
	"DeviceSerialNumber": "6ZkNfEKhIGwgojnzl1csAUU",
	"BodyPart": "BRAIN",
	"PatientPosition": "HFS",
	"ProcedureStepDescription": "SPGR",
	"SoftwareVersions": "27\\LX\\MR Software release:DV25.1_R02_1649.a",
	"MRAcquisitionType": "3D",
	"StudyDescription": "e+1 SCREEN",
	"SeriesDescription": "Accelerated Sag IR-FSPGR ",
	"ProtocolName": "*(3.22) ADNI3_Study_Huma",
	"ScanningSequence": "GR",
	"SequenceVariant": "SS\\SP\\SK",
	"ScanOptions": "FAST_GEMS\\EDR_GEMS\\FILTERED_GEMS\\ACC_GEMS",
	"PulseSequenceName": "efgre3d",
	"ImageType": ["ORIGINAL", "PRIMARY", "OTHER"],
	"SeriesNumber": 3,
	"AcquisitionTime": "09:32:4.000000",
	"AcquisitionNumber": 1,
	"SliceThickness": 1,
	"SpacingBetweenSlices": 1,
	"SAR": 0.104888,
	"EchoTime": 0.00312,
	"RepetitionTime": 0.007676,
	"SpoilingState": true,
	"InversionTime": 0.4,
	"FlipAngle": 11,
	"CoilString": "Head 24",
	"PercentPhaseFOV": 100,
	"PercentSampling": 100,
	"AcquisitionMatrixPE": 256,
	"ReconMatrixPE": 256,
	"PixelBandwidth": 244.141,
	"ImageOrientationPatientDICOM": [
		-0,
		1,
		0,
		-0,
		-0,
		-1	],
	"InPlanePhaseEncodingDirectionDICOM": "ROW",
	"BidsGuess": ["anat","_acq-EFGRE3D_run-3_T1w"],
	"ConversionSoftware": "dcm2niix",
	"ConversionSoftwareVersion": "v1.0.20241211"
}
